NUGET
  remote: https://www.nuget.org/api/v2
    Argu (3.2)
    Expecto (2.3.1)
      Argu (>= 3.2)
      FSharp.Core (>= 3.1.2.5)
    FAKE (4.47.2)
    FParsec (1.0.2)
    FSharp.Core (4.0.0.1)
    FSharp.Data (2.3.2)
      Zlib.Portable (>= 1.11) - framework: >= netstandard11, portable-net45+sl5+win8, portable-net45+win8, portable-net45+win8+wp8+wpa81
    NUnit (3.5)
    Suave (1.1.3)
      FSharp.Core (>= 3.1.2.5)
    Zlib.Portable (1.11) - framework: >= netstandard11, portable-net45+sl5+win8, portable-net45+win8, portable-net45+win8+wp8+wpa81
