NUGET
  remote: https://www.nuget.org/api/v2
    Argu (3.2)
    Expecto (2.3.1)
      Argu (>= 3.2)
      FSharp.Core (>= 3.1.2.5)
    FAKE (4.47.2)
    FSharp.Core (4.0.0.1)
    NUnit (3.5)
    Suave (1.1.3)
      FSharp.Core (>= 3.1.2.5)
